PATH
  remote: .
  specs:
    fireblocks (0.2.13)
      jwt
      smart_properties

GEM
  remote: https://rubygems.org/
  specs:
    diff-lcs (1.4.4)
    jwt (2.3.0)
    rake (13.0.1)
    rspec (3.10.0)
      rspec-core (~> 3.10.0)
      rspec-expectations (~> 3.10.0)
      rspec-mocks (~> 3.10.0)
    rspec-core (3.10.1)
      rspec-support (~> 3.10.0)
    rspec-expectations (3.10.1)
      diff-lcs (>= 1.2.0, < 2.0)
      rspec-support (~> 3.10.0)
    rspec-mocks (3.10.2)
      diff-lcs (>= 1.2.0, < 2.0)
      rspec-support (~> 3.10.0)
    rspec-support (3.10.2)
    smart_properties (1.16.3)

PLATFORMS
  ruby

DEPENDENCIES
  bundler
  fireblocks!
  rake
  rspec

BUNDLED WITH
   2.2.17
