PATH
  remote: .
  specs:
    fireblocks (0.2.13)
      awrence
      jwt
      plissken
      smart_properties

GEM
  remote: https://rubygems.org/
  specs:
    awrence (1.2.1)
    byebug (11.1.3)
    coderay (1.1.3)
    diff-lcs (1.4.4)
    jwt (2.3.0)
    method_source (1.0.0)
    plissken (1.4.1)
    pry (0.13.1)
      coderay (~> 1.1)
      method_source (~> 1.0)
    pry-byebug (3.9.0)
      byebug (~> 11.0)
      pry (~> 0.13.0)
    rake (13.0.1)
    rspec (3.10.0)
      rspec-core (~> 3.10.0)
      rspec-expectations (~> 3.10.0)
      rspec-mocks (~> 3.10.0)
    rspec-core (3.10.1)
      rspec-support (~> 3.10.0)
    rspec-expectations (3.10.1)
      diff-lcs (>= 1.2.0, < 2.0)
      rspec-support (~> 3.10.0)
    rspec-mocks (3.10.2)
      diff-lcs (>= 1.2.0, < 2.0)
      rspec-support (~> 3.10.0)
    rspec-support (3.10.2)
    smart_properties (1.16.3)

PLATFORMS
  ruby

DEPENDENCIES
  bundler
  fireblocks!
  pry-byebug
  rake
  rspec

BUNDLED WITH
   2.2.17
