PATH
  remote: .
  specs:
    fireblocks (0.2.13)
      jwt
      smart_properties

GEM
  remote: https://rubygems.org/
  specs:
    jwt (2.3.0)
    rake (13.0.1)
    smart_properties (1.16.3)

PLATFORMS
  ruby

DEPENDENCIES
  bundler
  fireblocks!
  rake

BUNDLED WITH
   2.2.17
